GEM
  remote: https://rubygems.org/
  specs:
    filewatcher (1.1.1)
      optimist (~> 3.0)
    optimist (3.0.1)

PLATFORMS
  x86_64-darwin-19

DEPENDENCIES
  filewatcher

BUNDLED WITH
   2.2.22
